GIT
  remote: git://github.com/mislav/will_paginate.git
  revision: 0b93300d43f658bb15071f59486c92af06aca064
  specs:
    will_paginate (3.1.6)

GIT
  remote: git://github.com/wordsandwriting/activate-admin.git
  revision: 77e2eecedbabc62032d8160e05e841799595cfdf
  specs:
    activate-admin (0.0.1)
      activate-tools
      padrino
      will_paginate

GIT
  remote: git://github.com/wordsandwriting/activate-tools.git
  revision: 7afd3a27229f66e48c5876df8570b7ee92c70fa5
  specs:
    activate-tools (0.0.1)
      padrino

GEM
  remote: https://rubygems.org/
  specs:
    activemodel (5.1.3)
      activesupport (= 5.1.3)
    activesupport (5.1.3)
      concurrent-ruby (~> 1.0, >= 1.0.2)
      i18n (~> 0.7)
      minitest (~> 5.1)
      tzinfo (~> 1.1)
    airbrake (6.2.1)
      airbrake-ruby (~> 2.3, >= 2.3.1)
    airbrake-ruby (2.3.2)
    bcrypt (3.1.11)
    bson (4.2.2)
    concurrent-ruby (1.0.5)
    delayed_job (4.1.3)
      activesupport (>= 3.0, < 5.2)
    delayed_job_mongoid (2.3.0)
      delayed_job (>= 3.0, < 5)
      mongoid (>= 3.0, < 7)
      mongoid-compatibility (>= 0.4.0)
    domain_name (0.5.20170404)
      unf (>= 0.0.5, < 1.0.0)
    enumerable-lazy (0.0.2)
    http-cookie (1.0.3)
      domain_name (~> 0.5)
    i18n (0.8.6)
    mail (2.6.6)
      mime-types (>= 1.16, < 4)
    mechanize (2.7.5)
      domain_name (~> 0.5, >= 0.5.1)
      http-cookie (~> 1.0)
      mime-types (>= 1.17.2)
      net-http-digest_auth (~> 1.1, >= 1.1.1)
      net-http-persistent (~> 2.5, >= 2.5.2)
      nokogiri (~> 1.6)
      ntlm-http (~> 0.1, >= 0.1.1)
      webrobots (>= 0.0.9, < 0.2)
    mime-types (2.99.3)
    mini_portile2 (2.2.0)
    minitest (5.10.3)
    moneta (0.8.1)
    mongo (2.4.3)
      bson (>= 4.2.1, < 5.0.0)
    mongoid (6.2.1)
      activemodel (~> 5.1)
      mongo (>= 2.4.1, < 3.0.0)
    mongoid-compatibility (0.4.1)
      activesupport
      mongoid (>= 2.0)
    mustermann19 (0.4.4)
      enumerable-lazy
    net-http-digest_auth (1.4.1)
    net-http-persistent (2.9.4)
    nokogiri (1.8.0)
      mini_portile2 (~> 2.2.0)
    ntlm-http (0.1.1)
    padrino (0.13.3.2)
      padrino-admin (= 0.13.3.2)
      padrino-cache (= 0.13.3.2)
      padrino-core (= 0.13.3.2)
      padrino-gen (= 0.13.3.2)
      padrino-helpers (= 0.13.3.2)
      padrino-mailer (= 0.13.3.2)
      padrino-support (= 0.13.3.2)
    padrino-admin (0.13.3.2)
      padrino-core (= 0.13.3.2)
      padrino-helpers (= 0.13.3.2)
    padrino-cache (0.13.3.2)
      moneta (~> 0.8.0)
      padrino-core (= 0.13.3.2)
      padrino-helpers (= 0.13.3.2)
    padrino-core (0.13.3.2)
      activesupport (>= 3.1)
      mustermann19
      padrino-support (= 0.13.3.2)
      rack-protection (>= 1.5.0)
      sinatra (>= 1.4.6)
      thor (~> 0.18)
    padrino-gen (0.13.3.2)
      bundler (~> 1.0)
      padrino-core (= 0.13.3.2)
    padrino-helpers (0.13.3.2)
      i18n (~> 0.6, >= 0.6.7)
      padrino-support (= 0.13.3.2)
      tilt (>= 1.4.1, < 3)
    padrino-mailer (0.13.3.2)
      mail (~> 2.5)
      mime-types (< 3)
      padrino-core (= 0.13.3.2)
    padrino-support (0.13.3.2)
      activesupport (>= 3.1)
    puma (3.10.0)
    rack (1.6.8)
    rack-protection (1.5.3)
      rack
    rake (12.0.0)
    sinatra (1.4.8)
      rack (~> 1.5)
      rack-protection (~> 1.4)
      tilt (>= 1.3, < 3)
    thor (0.20.0)
    thread_safe (0.3.6)
    tilt (2.0.8)
    tzinfo (1.2.3)
      thread_safe (~> 0.1)
    unf (0.1.4)
      unf_ext
    unf_ext (0.0.7.4)
    webrobots (0.1.2)

PLATFORMS
  ruby

DEPENDENCIES
  activate-admin!
  activate-tools!
  activemodel
  airbrake
  bcrypt
  delayed_job_mongoid (= 2.3.0)
  mail
  mechanize
  mongoid
  padrino (= 0.13.3.2)
  puma
  rake
  sinatra (= 1.4.8)
  will_paginate!

RUBY VERSION
   ruby 2.3.3p222

BUNDLED WITH
   1.14.6
